PATH
  remote: .
  specs:
    nfl_live_update (0.0.1)
      nokogiri

GEM
  remote: http://rubygems.org/
  specs:
    coderay (0.9.8)
    method_source (0.6.7)
      ruby_parser (>= 2.3.1)
    nokogiri (1.5.0)
    pry (0.9.7.4)
      coderay (~> 0.9.8)
      method_source (~> 0.6.7)
      ruby_parser (>= 2.3.1)
      slop (~> 2.1.0)
    rake (0.9.2.2)
    ruby_parser (2.3.1)
      sexp_processor (~> 3.0)
    sexp_processor (3.0.10)
    shoulda (2.11.3)
    slop (2.1.0)

PLATFORMS
  ruby

DEPENDENCIES
  bundler
  nfl_live_update!
  pry
  rake
  shoulda
